GEM
  remote: https://rubygems.org/
  specs:
    byebug (1.6.1)
      columnize (~> 0.3.6)
      debugger-linecache (~> 1.2.0)
    columnize (0.3.6)
    debugger-linecache (1.2.0)
    rake (0.9.6)

PLATFORMS
  ruby

DEPENDENCIES
  byebug
  rake (~> 0.9.6)
